GIT
  remote: git://github.com/yaauie/cliver
  revision: 5617ce6d9e611cd84d8e8af6119238fe543fedfc
  ref: 5617ce
  specs:
    cliver (0.3.2)

GEM
  remote: http://rubygems.org/
  specs:
    ProcessPilot (2.0.0.20120301)
      rUtilAnts (>= 1.0)
    albacore (2.0.0.rc.7)
      ProcessPilot (~> 2.0)
      facter (~> 1.7)
      highline (~> 1.6)
      map (~> 6.5)
      nokogiri (~> 1.5)
      rake (> 10)
      rubyzip (= 0.9.9)
      semver2 (~> 3.3)
    app_conf (0.4.2)
    aws-sdk (1.40.3)
      json (~> 1.4)
      nokogiri (>= 1.4.4)
    builder (3.2.2)
    capybara (2.2.1)
      mime-types (>= 1.16)
      nokogiri (>= 1.3.3)
      rack (>= 1.0.0)
      rack-test (>= 0.5.4)
      xpath (~> 2.0)
    chef (11.12.4-x86-mingw32)
      chef-zero (~> 2.0, >= 2.0.2)
      diff-lcs (~> 1.2, >= 1.2.4)
      erubis (~> 2.7)
      ffi (= 1.5.0)
      highline (~> 1.6, >= 1.6.9)
      json (>= 1.4.4, <= 1.8.1)
      mime-types (~> 1.16)
      mixlib-authentication (~> 1.3)
      mixlib-cli (~> 1.4)
      mixlib-config (~> 2.0)
      mixlib-log (~> 1.3)
      mixlib-shellout (~> 1.4)
      net-ssh (~> 2.6)
      net-ssh-multi (~> 1.1)
      ohai (~> 7.0.4)
      pry (~> 0.9)
      rdp-ruby-wmi (= 0.3.1)
      rest-client (>= 1.0.4, < 1.7.0)
      win32-api (= 1.4.8)
      win32-dir (= 0.4.5)
      win32-event (= 0.6.1)
      win32-mmap (= 0.4.0)
      win32-mutex (= 0.4.1)
      win32-process (= 0.7.3)
      win32-service (= 0.8.2)
      windows-api (= 0.4.2)
      windows-pr (= 1.2.2)
      yajl-ruby (~> 1.1)
    chef-zero (2.0.2)
      hashie (~> 2.0)
      json
      mixlib-log (~> 1.3)
      rack
    childprocess (0.5.3)
      ffi (~> 1.0, >= 1.0.11)
    coderay (1.1.0)
    cucumber (1.3.15)
      builder (>= 2.1.2)
      diff-lcs (>= 1.1.3)
      gherkin (~> 2.12)
      multi_json (>= 1.7.5, < 2.0)
      multi_test (>= 0.1.1)
    dice_bag (0.7.0)
      rake
    diff-lcs (1.2.5)
    diffy (3.0.4)
    erubis (2.7.0)
    facter (1.7.5)
    faraday (0.9.0)
      multipart-post (>= 1.2, < 3)
    ffi (1.5.0-x86-mingw32)
    gherkin (2.12.2-x86-mingw32)
      multi_json (~> 1.3)
    git (1.2.6)
    hashie (2.1.1)
    highline (1.6.21)
    hipchat (1.1.0)
      httparty
    httparty (0.13.1)
      json (~> 1.8)
      multi_xml (>= 0.5.2)
    ipaddress (0.8.0)
    json (1.8.1)
    knife-spork (1.3.2)
      app_conf (>= 0.4.0)
      chef (>= 11.0.0)
      diffy (>= 3.0.1)
      git (>= 1.2.5)
    map (6.5.3)
    method_source (0.8.2)
    mime-types (1.25.1)
    mixlib-authentication (1.3.0)
      mixlib-log
    mixlib-cli (1.5.0)
    mixlib-config (2.1.0)
    mixlib-log (1.6.0)
    mixlib-shellout (1.4.0-x86-mingw32)
      win32-process (~> 0.7.1)
      windows-pr (~> 1.2.2)
    multi_json (1.10.1)
    multi_test (0.1.1)
    multi_xml (0.5.5)
    multipart-post (2.0.0)
    net-ssh (2.9.1)
    net-ssh-gateway (1.2.0)
      net-ssh (>= 2.6.5)
    net-ssh-multi (1.2.0)
      net-ssh (>= 2.6.5)
      net-ssh-gateway (>= 1.2.0)
    nokogiri (1.5.7-x86-mingw32)
    nori (2.4.0)
    nuget (2.8.50126.400)
    ohai (7.0.4)
      ipaddress
      mime-types (~> 1.16)
      mixlib-cli
      mixlib-config (~> 2.0)
      mixlib-log
      mixlib-shellout (~> 1.2)
      systemu (~> 2.5.2)
      yajl-ruby
    phantomjs (1.9.7.1)
    poltergeist (1.5.1)
      capybara (~> 2.1)
      cliver (~> 0.3.1)
      multi_json (~> 1.0)
      websocket-driver (>= 0.2.0)
    pry (0.9.12.6-x86-mingw32)
      coderay (~> 1.0)
      method_source (~> 0.8)
      slop (~> 3.4)
      win32console (~> 1.3)
    rUtilAnts (2.0.0.20130827)
    rack (1.5.2)
    rack-test (0.6.2)
      rack (>= 1.0)
    rainbow (2.0.0)
    rake (10.3.2)
    rdp-ruby-wmi (0.3.1)
    rest-client (1.6.7)
      mime-types (>= 1.16)
    rspec (2.14.1)
      rspec-core (~> 2.14.0)
      rspec-expectations (~> 2.14.0)
      rspec-mocks (~> 2.14.0)
    rspec-core (2.14.8)
    rspec-expectations (2.14.5)
      diff-lcs (>= 1.1.3, < 2.0)
    rspec-mocks (2.14.6)
    rubyzip (0.9.9)
    sass (3.4.13)
    scss-lint (0.38.0)
      rainbow (~> 2.0)
      sass (~> 3.4.1)
    selenium-webdriver (2.35.1)
      childprocess (>= 0.2.5)
      multi_json (~> 1.0)
      rubyzip (< 1.0.0)
      websocket (~> 1.0.4)
    semver2 (3.3.3)
    slop (3.5.0)
    systemu (2.5.2)
    websocket (1.0.7)
    websocket-driver (0.3.4)
    win32-api (1.4.8-x86-mingw32)
    win32-dir (0.4.5)
      ffi (>= 1.0.0)
    win32-event (0.6.1)
      win32-ipc (>= 0.6.0)
    win32-ipc (0.6.1)
      ffi
    win32-mmap (0.4.0)
      ffi
    win32-mutex (0.4.1)
      win32-ipc (>= 0.6.0)
    win32-process (0.7.3)
      ffi (>= 1.0.0)
    win32-service (0.8.2)
      ffi
    win32console (1.3.2-x86-mingw32)
    windows-api (0.4.2)
      win32-api (>= 1.4.5)
    windows-pr (1.2.2)
      win32-api (>= 1.4.5)
      windows-api (>= 0.3.0)
    xpath (2.0.0)
      nokogiri (~> 1.3)
    yajl-ruby (1.2.0)

PLATFORMS
  x86-mingw32

DEPENDENCIES
  albacore (= 2.0.0.rc.7)
  aws-sdk
  capybara
  cliver!
  cucumber
  dice_bag
  faraday
  git
  hipchat
  json
  knife-spork (= 1.3.2)
  nokogiri (= 1.5.7)
  nori
  nuget
  phantomjs (~> 1.9.7)
  poltergeist
  rake
  rspec
  sass
  scss-lint
  selenium-webdriver
  win32-process
  win32console

BUNDLED WITH
   1.10.6
